GEM
  remote: https://rubygems.org/
  specs:
    cgi (0.4.1)
    erb (4.0.4)
      cgi (>= 0.3.3)
    faraday (2.9.0)
      faraday-net_http (>= 2.0, < 3.2)
    faraday-net_http (3.1.0)
      net-http
    net-http (0.4.1)
      uri
    uri (0.13.0)
    webrick (1.8.1)

PLATFORMS
  arm64-darwin-23
  ruby

DEPENDENCIES
  erb
  faraday
  webrick

BUNDLED WITH
   2.5.3
