GEM
  remote: https://rubygems.org/
  specs:
    cgi (0.4.1)
    erb (2.2.3)
      cgi
    mysql2 (0.5.6)
    webrick (1.8.1)

PLATFORMS
  ruby

DEPENDENCIES
  erb
  mysql2
  webrick

BUNDLED WITH
   1.17.2
