GEM
  remote: https://rubygems.org/
  specs:
    ffi (1.16.3)
    mini_portile2 (2.8.5)
    rake (13.2.0)
    rdkafka (0.15.1)
      ffi (~> 1.15)
      mini_portile2 (~> 2.6)
      rake (> 12)

PLATFORMS
  arm64-darwin-23
  ruby

DEPENDENCIES
  rdkafka

BUNDLED WITH
   2.5.3
